GEM
  specs:
    rack (1.5.2)
    shotgun (0.9)
      rack (>= 1.0)
    tilt (2.0.1)

PLATFORMS
  ruby

DEPENDENCIES
  rack
  shotgun
  tilt
